GIT
  remote: git://github.com/opscode/test-kitchen.git
  revision: bf17d76df4c63bb58f70dd32ce0deb1b09b9df8d
  branch: 1.0
  specs:
    test-kitchen (1.0.0.dev)
      celluloid
      mixlib-shellout
      net-scp
      net-ssh
      pry
      safe_yaml
      thor

GEM
  remote: https://rubygems.org/
  specs:
    celluloid (0.13.0)
      timers (>= 1.0.0)
    coderay (1.0.9)
    kitchen-vagrant (0.9.0)
      test-kitchen (~> 1.0.0.alpha.2)
    method_source (0.8.1)
    mixlib-shellout (1.1.0)
    net-scp (1.1.0)
      net-ssh (>= 2.6.5)
    net-ssh (2.6.7)
    pry (0.9.12.1)
      coderay (~> 1.0.5)
      method_source (~> 0.8)
      slop (~> 3.4)
    safe_yaml (0.9.1)
    slop (3.4.4)
    thor (0.18.1)
    timers (1.1.0)

PLATFORMS
  ruby

DEPENDENCIES
  kitchen-vagrant
  test-kitchen!
